GEM
  remote: https://rubygems.org/
  specs:
    amq-protocol (2.3.0)
    bunny (2.14.3)
      amq-protocol (~> 2.3, >= 2.3.0)
    em-websocket (0.5.1)
      eventmachine (>= 0.12.9)
      http_parser.rb (~> 0.6.0)
    eventmachine (1.2.7)
    http_parser.rb (0.6.0)

PLATFORMS
  ruby

DEPENDENCIES
  bunny (>= 2.14.1)
  em-websocket

RUBY VERSION
   ruby 2.6.0p0

BUNDLED WITH
   1.17.2
